GEM
  remote: https://rubygems.org/
  specs:
    addressable (2.8.7)
      public_suffix (>= 2.0.2, < 7.0)
    bigdecimal (3.3.1)
    crack (1.0.1)
      bigdecimal
      rexml
    hashdiff (1.2.1)
    minitest (5.26.0)
    nio4r (2.7.4)
    public_suffix (6.0.2)
    puma (7.1.0)
      nio4r (~> 2.0)
    rack (3.2.3)
    rexml (3.4.4)
    webmock (3.25.1)
      addressable (>= 2.8.0)
      crack (>= 0.3.2)
      hashdiff (>= 0.4.0, < 2.0.0)

PLATFORMS
  ruby
  x86_64-linux

DEPENDENCIES
  minitest
  puma
  rack
  webmock

RUBY VERSION
   ruby 3.3.9p170

BUNDLED WITH
   2.5.22
