GEM
  remote: https://rubygems.org/
  specs:
    nio4r (2.7.4)
    puma (7.1.0)
      nio4r (~> 2.0)
    rack (3.2.3)

PLATFORMS
  ruby
  x86_64-linux

DEPENDENCIES
  puma
  rack

RUBY VERSION
   ruby 3.3.9p170

BUNDLED WITH
   2.5.22
